PATH
  remote: .
  specs:
    ladder_drive (0.6.8)
      activesupport (~> 6.0)
      ambient_iot (~> 0.1, >= 0.1.1)
      dotenv (~> 2.1)
      ffi (~> 1.9, >= 1.9.24)
      google_drive (~> 3.0, >= 3.0.3)
      pi_piper (~> 2.0, >= 2.0.0)
      ruby-trello (~> 2.1)
      serialport (~> 1.3, >= 1.3.1)
      thor (~> 0)

GEM
  remote: https://rubygems.org/
  specs:
    activemodel (6.1.7.6)
      activesupport (= 6.1.7.6)
    activesupport (6.1.7.6)
      concurrent-ruby (~> 1.0, >= 1.0.2)
      i18n (>= 1.6, < 2)
      minitest (>= 5.1)
      tzinfo (~> 2.0)
      zeitwerk (~> 2.3)
    addressable (2.8.5)
      public_suffix (>= 2.0.2, < 6.0)
    ambient_iot (0.1.1)
    concurrent-ruby (1.2.2)
    declarative (0.0.20)
    domain_name (0.5.20190701)
      unf (>= 0.0.5, < 1.0.0)
    dotenv (2.8.1)
    eventmachine (1.0.9)
    faraday (1.10.3)
      faraday-em_http (~> 1.0)
      faraday-em_synchrony (~> 1.0)
      faraday-excon (~> 1.1)
      faraday-httpclient (~> 1.0)
      faraday-multipart (~> 1.0)
      faraday-net_http (~> 1.0)
      faraday-net_http_persistent (~> 1.0)
      faraday-patron (~> 1.0)
      faraday-rack (~> 1.0)
      faraday-retry (~> 1.0)
      ruby2_keywords (>= 0.0.4)
    faraday-em_http (1.0.0)
    faraday-em_synchrony (1.0.0)
    faraday-excon (1.1.0)
    faraday-httpclient (1.0.1)
    faraday-multipart (1.0.4)
      multipart-post (~> 2)
    faraday-net_http (1.0.1)
    faraday-net_http_persistent (1.2.0)
    faraday-patron (1.0.0)
    faraday-rack (1.0.0)
    faraday-retry (1.0.3)
    ffi (1.16.3)
    google-apis-core (0.11.2)
      addressable (~> 2.5, >= 2.5.1)
      googleauth (>= 0.16.2, < 2.a)
      httpclient (>= 2.8.1, < 3.a)
      mini_mime (~> 1.0)
      representable (~> 3.0)
      retriable (>= 2.0, < 4.a)
      rexml
      webrick
    google-apis-drive_v3 (0.44.0)
      google-apis-core (>= 0.11.0, < 2.a)
    google-apis-sheets_v4 (0.26.0)
      google-apis-core (>= 0.11.0, < 2.a)
    google_drive (3.0.7)
      google-apis-drive_v3 (>= 0.5.0, < 1.0.0)
      google-apis-sheets_v4 (>= 0.4.0, < 1.0.0)
      googleauth (>= 0.5.0, < 1.0.0)
      nokogiri (>= 1.5.3, < 2.0.0)
    googleauth (0.17.1)
      faraday (>= 0.17.3, < 2.0)
      jwt (>= 1.4, < 3.0)
      memoist (~> 0.16)
      multi_json (~> 1.11)
      os (>= 0.9, < 2.0)
      signet (~> 0.15)
    hashie (5.0.0)
    http-accept (1.7.0)
    http-cookie (1.0.5)
      domain_name (~> 0.5)
    httpclient (2.8.3)
    i18n (1.14.1)
      concurrent-ruby (~> 1.0)
    json (2.6.3)
    jwt (2.7.1)
    memoist (0.16.2)
    mime-types (3.5.1)
      mime-types-data (~> 3.2015)
    mime-types-data (3.2023.1003)
    mini_mime (1.1.5)
    minitest (5.20.0)
    multi_json (1.15.0)
    multipart-post (2.3.0)
    netrc (0.11.0)
    nokogiri (1.15.4-arm64-darwin)
      racc (~> 1.4)
    oauth (1.1.0)
      oauth-tty (~> 1.0, >= 1.0.1)
      snaky_hash (~> 2.0)
      version_gem (~> 1.1)
    oauth-tty (1.0.5)
      version_gem (~> 1.1, >= 1.1.1)
    os (1.1.4)
    pi_piper (2.0.0)
      eventmachine (= 1.0.9)
      ffi
    power_assert (2.0.3)
    public_suffix (5.0.3)
    racc (1.7.1)
    rake (13.1.0)
    representable (3.2.0)
      declarative (< 0.1.0)
      trailblazer-option (>= 0.1.1, < 0.2.0)
      uber (< 0.2.0)
    rest-client (2.1.0)
      http-accept (>= 1.7.0, < 2.0)
      http-cookie (>= 1.0.2, < 2.0)
      mime-types (>= 1.16, < 4.0)
      netrc (~> 0.8)
    retriable (3.1.2)
    rexml (3.2.6)
    rr (3.1.0)
    ruby-trello (2.3.1)
      activemodel (>= 3.2.0)
      addressable (~> 2.3)
      json (>= 2.3.0)
      oauth (>= 0.4.5)
      rest-client (>= 1.8.0)
    ruby2_keywords (0.0.5)
    serialport (1.3.2)
    signet (0.18.0)
      addressable (~> 2.8)
      faraday (>= 0.17.5, < 3.a)
      jwt (>= 1.5, < 3.0)
      multi_json (~> 1.10)
    snaky_hash (2.0.1)
      hashie
      version_gem (~> 1.1, >= 1.1.1)
    test-unit (3.6.1)
      power_assert
    test-unit-rr (1.0.5)
      rr (>= 1.1.1)
      test-unit (>= 2.5.2)
    thor (0.20.3)
    trailblazer-option (0.1.2)
    tzinfo (2.0.6)
      concurrent-ruby (~> 1.0)
    uber (0.1.0)
    unf (0.1.4)
      unf_ext
    unf_ext (0.0.8.2)
    version_gem (1.1.3)
    webrick (1.8.1)
    zeitwerk (2.6.12)

PLATFORMS
  arm64-darwin-22

DEPENDENCIES
  bundler (~> 2.1)
  ladder_drive!
  rake (~> 13.0)
  test-unit
  test-unit-rr

BUNDLED WITH
   2.4.21
